GEM
  remote: http://rubygems.org/
  specs:
    builder (2.1.2)
    columnize (0.3.1)
    cucumber (0.8.5)
      builder (~> 2.1.2)
      diff-lcs (~> 1.1.2)
      gherkin (~> 2.1.4)
      json_pure (~> 1.4.3)
      term-ansicolor (~> 1.0.4)
    diff-lcs (1.1.2)
    gherkin (2.1.5)
      trollop (~> 1.16.2)
    json_pure (1.4.6)
    libxml-ruby (1.1.4)
    linecache (0.43)
    rack (1.2.1)
    rack-test (0.5.6)
      rack (>= 1.0)
    rspec (1.3.1)
    ruby-debug (0.10.3)
      columnize (>= 0.1)
      ruby-debug-base (~> 0.10.3.0)
    ruby-debug-base (0.10.3)
      linecache (>= 0.3)
    sinatra (1.1.0)
      rack (~> 1.1)
      tilt (~> 1.1)
    term-ansicolor (1.0.5)
    tilt (1.1)
    trollop (1.16.2)

PLATFORMS
  ruby

DEPENDENCIES
  cucumber (~> 0.7)
  libxml-ruby (~> 1.1)
  rack-test (~> 0.5)
  rspec (~> 1.3)
  ruby-debug (~> 0.10)
  sinatra (~> 1.0)
